GEM
  remote: https://rubygems.org/
  specs:
    glu (8.2.0)
    glut (8.2.0)
    opengl (0.9.0)

PLATFORMS
  ruby

DEPENDENCIES
  glu
  glut
  opengl
