GEM
  remote: https://rubygems.org/
  specs:
    glu (8.2.0)
    glut (8.2.0)
    opengl (0.9.0)
    rmath3d (1.0.2)

PLATFORMS
  ruby

DEPENDENCIES
  glu
  glut
  opengl
  rmath3d
